PATH
  remote: .
  specs:
    my-local-putio (4.4.2)
      socksify (= 1.7.1)

GEM
  remote: https://rubygems.org/
  specs:
    rake (13.0.6)
    socksify (1.7.1)

PLATFORMS
  ruby

DEPENDENCIES
  bundler (~> 2.3)
  my-local-putio!
  rake (~> 13.0)

BUNDLED WITH
   2.3.17
