PATH
  remote: .
  specs:
    my-local-putio (4.2.0)
      socksify (= 1.7.1)

GEM
  remote: https://rubygems.org/
  specs:
    rake (13.0.1)
    socksify (1.7.1)

PLATFORMS
  ruby

DEPENDENCIES
  bundler (~> 2.0)
  my-local-putio!
  rake (~> 13.0)

BUNDLED WITH
   2.0.2
